GIT
  remote: https://github.com/plataformatec/capybara-zombie.git
  revision: b794e45a96c9f1192429e01722d222d402231b9e
  specs:
    capybara-zombie (0.0.1)
      capybara (~> 0.4.1)
      childprocess (~> 0.1.7)
      multi_json (~> 0.0.5)

GIT
  remote: https://github.com/smparkes/capybara-envjs.git
  revision: 63adb64c19ee7fcc575b181baf84c0b0b8fa654b
  specs:
    capybara-envjs (0.4.0)
      capybara (~> 0.4.0)
      envjs (>= 0.3.7)

GEM
  remote: http://rubygems.org/
  specs:
    abstract (1.0.0)
    actionmailer (3.0.7)
      actionpack (= 3.0.7)
      mail (~> 2.2.15)
    actionpack (3.0.7)
      activemodel (= 3.0.7)
      activesupport (= 3.0.7)
      builder (~> 2.1.2)
      erubis (~> 2.6.6)
      i18n (~> 0.5.0)
      rack (~> 1.2.1)
      rack-mount (~> 0.6.14)
      rack-test (~> 0.5.7)
      tzinfo (~> 0.3.23)
    activemodel (3.0.7)
      activesupport (= 3.0.7)
      builder (~> 2.1.2)
      i18n (~> 0.5.0)
    activerecord (3.0.7)
      activemodel (= 3.0.7)
      activesupport (= 3.0.7)
      arel (~> 2.0.2)
      tzinfo (~> 0.3.23)
    activeresource (3.0.7)
      activemodel (= 3.0.7)
      activesupport (= 3.0.7)
    activesupport (3.0.7)
    akephalos (0.2.5)
      capybara (~> 0.4.0)
      jruby-jars
    arel (2.0.9)
    builder (2.1.2)
    capybara (0.4.1.2)
      celerity (>= 0.7.9)
      culerity (>= 0.2.4)
      mime-types (>= 1.16)
      nokogiri (>= 1.3.3)
      rack (>= 1.0.0)
      rack-test (>= 0.5.4)
      selenium-webdriver (>= 0.0.27)
      xpath (~> 0.1.3)
    capybara-webkit (0.3.0)
      capybara (~> 0.4.1)
    celerity (0.8.9)
    cgi_multipart_eof_fix (2.5.0)
    childprocess (0.1.9)
      ffi (~> 1.0.6)
    configuration (1.2.0)
    culerity (0.2.15)
    daemons (1.1.3)
    envjs (0.3.8)
      johnson (>= 2.0.0.pre3)
    erubis (2.6.6)
      abstract (>= 1.0.0)
    factory_girl (1.3.3)
    factory_girl_rails (1.0.1)
      factory_girl (~> 1.3)
      railties (>= 3.0.0)
    fastthread (1.0.7)
    ffi (1.0.8)
    gem_plugin (0.2.3)
    haml (3.1.1)
    i18n (0.5.0)
    johnson (2.0.0.pre3)
      stackdeck (~> 0.2)
    jquery-rails (0.2.7)
      rails (~> 3.0)
      thor (~> 0.14.4)
    jruby-jars (1.6.1)
    json_pure (1.5.1)
    launchy (0.4.0)
      configuration (>= 0.0.5)
      rake (>= 0.8.1)
    mail (2.2.19)
      activesupport (>= 2.3.6)
      i18n (>= 0.4.0)
      mime-types (~> 1.16)
      treetop (~> 1.4.8)
    mime-types (1.16)
    mocha (0.9.12)
    mongrel (1.1.5)
      cgi_multipart_eof_fix (>= 2.4)
      daemons (>= 1.0.3)
      fastthread (>= 1.0.1)
      gem_plugin (>= 0.2.3)
    multi_json (0.0.5)
    nokogiri (1.4.4)
    polyglot (0.3.1)
    rack (1.2.2)
    rack-mount (0.6.14)
      rack (>= 1.0.0)
    rack-test (0.5.7)
      rack (>= 1.0)
    rails (3.0.7)
      actionmailer (= 3.0.7)
      actionpack (= 3.0.7)
      activerecord (= 3.0.7)
      activeresource (= 3.0.7)
      activesupport (= 3.0.7)
      bundler (~> 1.0)
      railties (= 3.0.7)
    rails3-jquery-autocomplete (0.7.3)
      rails (~> 3.0.0)
      yajl-ruby
    railties (3.0.7)
      actionpack (= 3.0.7)
      activesupport (= 3.0.7)
      rake (>= 0.8.7)
      thor (~> 0.14.4)
    rake (0.8.7)
    rubyzip (0.9.4)
    selenium-webdriver (0.2.0)
      childprocess (>= 0.1.7)
      ffi (>= 1.0.7)
      json_pure
      rubyzip
    shoulda (2.11.3)
    sqlite3 (1.3.3)
    stackdeck (0.2.0)
    test-unit (2.1.1)
    thor (0.14.6)
    timecop (0.3.5)
    treetop (1.4.9)
      polyglot (>= 0.3.1)
    tzinfo (0.3.27)
    webrat (0.7.3)
      nokogiri (>= 1.2.0)
      rack (>= 1.0)
      rack-test (>= 0.5.3)
    xpath (0.1.4)
      nokogiri (~> 1.3)
    yajl-ruby (0.8.2)

PLATFORMS
  ruby

DEPENDENCIES
  akephalos
  capybara (= 0.4.1.2)
  capybara-envjs!
  capybara-webkit
  capybara-zombie!
  factory_girl_rails (= 1.0.1)
  haml
  jquery-rails (= 0.2.7)
  launchy
  mocha (>= 0.9.11)
  mongrel
  rails (= 3.0.7)
  rails3-jquery-autocomplete (= 0.7.3)
  shoulda (= 2.11.3)
  sqlite3
  test-unit (= 2.1.1)
  timecop
  webrat (= 0.7.3)
